GEM
  remote: https://rubygems.org/
  specs:
    SyslogLogger (2.0)
    actionmailer (3.2.19)
      actionpack (= 3.2.19)
      mail (~> 2.5.4)
    actionpack (3.2.19)
      activemodel (= 3.2.19)
      activesupport (= 3.2.19)
      builder (~> 3.0.0)
      erubis (~> 2.7.0)
      journey (~> 1.0.4)
      rack (~> 1.4.5)
      rack-cache (~> 1.2)
      rack-test (~> 0.6.1)
      sprockets (~> 2.2.1)
    activemodel (3.2.19)
      activesupport (= 3.2.19)
      builder (~> 3.0.0)
    activerecord (3.2.19)
      activemodel (= 3.2.19)
      activesupport (= 3.2.19)
      arel (~> 3.0.2)
      tzinfo (~> 0.3.29)
    activeresource (3.2.19)
      activemodel (= 3.2.19)
      activesupport (= 3.2.19)
    activesupport (3.2.19)
      i18n (~> 0.6, >= 0.6.4)
      multi_json (~> 1.0)
    acts-as-taggable-on (3.5.0)
      activerecord (>= 3.2, < 5)
    acts_as_commentable (3.0.1)
    arel (3.0.3)
    awesome_print (1.6.1)
    builder (3.0.0)
    byebug (8.2.2)
    cane (2.6.2)
      parallel
    capit (0.3.3)
    chronic (0.10.2)
    chunky_png (1.3.5)
    cocaine (0.3.2)
    coderay (1.0.9)
    crass (1.0.2)
    daemons (1.2.3)
    database_cleaner (1.5.1)
    docile (1.1.5)
    docsplit (0.7.6)
    erubis (2.7.0)
    eventmachine (1.0.9.1)
    faraday (0.9.2)
      multipart-post (>= 1.2, < 3)
    fast-stemmer (1.0.2)
    fastercsv (1.5.5)
    flay (2.7.0)
      erubis (~> 2.7.0)
      ruby_parser (~> 3.0)
      sexp_processor (~> 4.0)
    galetahub-simple_captcha (0.1.5)
    hike (1.2.3)
    htmlentities (4.3.4)
    i18n (0.6.11)
    iconv (1.0.4)
    journey (1.0.4)
    jquery-rails (2.0.3)
      railties (>= 3.1.0, < 5.0)
      thor (~> 0.14)
    json (1.8.3)
    mail (2.5.4)
      mime-types (~> 1.16)
      treetop (~> 1.4.8)
    meta_search (1.1.3)
      actionpack (~> 3.1)
      activerecord (~> 3.1)
      activesupport (~> 3.1)
      polyamorous (~> 0.5.0)
    metaclass (0.0.4)
    method_source (0.8.2)
    mime-types (1.25.1)
    mini_portile2 (2.0.0)
    minitest (3.5.0)
    mocha (0.13.3)
      metaclass (~> 0.0.1)
    multi_json (1.11.2)
    multipart-post (2.0.0)
    mysql2 (0.3.21)
    net-ldap (0.3.1)
    nokogiri (1.6.7.2)
      mini_portile2 (~> 2.0.0.rc2)
    nokogumbo (1.4.7)
      nokogiri
    oauth (0.4.7)
    paperclip (3.1.4)
      activemodel (>= 3.0.0)
      activerecord (>= 3.0.0)
      activesupport (>= 3.0.0)
      cocaine (>= 0.0.2)
      mime-types
    parallel (1.6.1)
    passenger (5.0.28)
      rack
      rake (>= 0.8.1)
    pismo (0.7.4)
      awesome_print
      chronic
      fast-stemmer
      nokogiri
      sanitize
    piwik_analytics (1.0.2)
      actionpack
      activesupport
      rails (>= 3.0.0)
    polyamorous (0.5.0)
      activerecord (~> 3.0)
    polyglot (0.3.5)
    power_assert (0.2.7)
    power_enum (1.4.0)
      rails (~> 3.1)
    pry (0.9.12.6)
      coderay (~> 1.0)
      method_source (~> 0.8)
      slop (~> 3.4)
    rack (1.4.7)
    rack-cache (1.6.1)
      rack (>= 0.4)
    rack-openid (1.4.2)
      rack (>= 1.1.0)
      ruby-openid (>= 2.1.8)
    rack-ssl (1.3.4)
      rack
    rack-test (0.6.3)
      rack (>= 1.0)
    railroady (1.4.2)
    rails (3.2.19)
      actionmailer (= 3.2.19)
      actionpack (= 3.2.19)
      activerecord (= 3.2.19)
      activeresource (= 3.2.19)
      activesupport (= 3.2.19)
      bundler (~> 1.0)
      railties (= 3.2.19)
    railties (3.2.19)
      actionpack (= 3.2.19)
      activesupport (= 3.2.19)
      rack-ssl (~> 1.3.2)
      rake (>= 0.8.7)
      rdoc (~> 3.4)
      thor (>= 0.14.6, < 2.0)
    rake (10.5.0)
    rdoc (3.12.2)
      json (~> 1.4)
    render_parent (0.0.7)
      rails (>= 2.3.0)
    rghost (0.9.6)
    rmagick (2.15.4)
    rqrcode (0.9.0)
      chunky_png (~> 1.0)
    rqrcode_png (0.1.5)
      chunky_png
      rqrcode
    ruby-openid (2.1.8)
    ruby_parser (3.7.3)
      sexp_processor (~> 4.1)
    sanitize (4.0.1)
      crass (~> 1.0.2)
      nokogiri (>= 1.4.4)
      nokogumbo (~> 1.4.1)
    sentry-raven (2.0.2)
      faraday (>= 0.7.6, < 0.10.x)
    sexp_processor (4.6.1)
    shoulda (2.11.3)
    simplecov (0.11.2)
      docile (~> 1.1.0)
      json (~> 1.8)
      simplecov-html (~> 0.10.0)
    simplecov-html (0.10.0)
    slop (3.6.0)
    sprockets (2.2.3)
      hike (~> 1.2)
      multi_json (~> 1.0)
      rack (~> 1.0)
      tilt (~> 1.1, != 1.3.0)
    sqlite3 (1.3.11)
    sys-proctable (1.0.0)
    test-unit (3.1.7)
      power_assert
    thin (1.6.4)
      daemons (~> 1.0, >= 1.0.9)
      eventmachine (~> 1.0, >= 1.0.4)
      rack (~> 1.0)
    thor (0.19.1)
    tilt (1.4.1)
    timecop (0.8.1)
    treetop (1.4.15)
      polyglot
      polyglot (>= 0.3.1)
    tzinfo (0.3.46)
    will_paginate (3.1.0)
    xml-object (0.9.93)
    yard (0.8.7.6)

PLATFORMS
  ruby

DEPENDENCIES
  SyslogLogger
  acts-as-taggable-on (= 3.5.0)
  acts_as_commentable (= 3.0.1)
  builder (= 3.0.0)
  byebug
  cane (~> 2.6.2)
  capit
  cocaine (= 0.3.2)
  coderay (~> 1.0.6)
  database_cleaner
  docsplit (~> 0.7.5)
  fastercsv (~> 1.5.0)
  flay
  galetahub-simple_captcha
  htmlentities
  i18n (~> 0.6.0)
  iconv
  jquery-rails (~> 2.0.2)
  meta_search
  minitest (= 3.5.0)
  mocha (~> 0.13.3)
  multipart-post
  mysql2 (~> 0.3.10)
  net-ldap (~> 0.3.1)
  nokogiri
  oauth
  paperclip (= 3.1.4)
  passenger
  pismo
  piwik_analytics (~> 1.0.0)
  power_enum
  pry
  rack-openid
  railroady
  rails (= 3.2.19)
  rake
  rdoc (>= 2.4.2)
  render_parent (>= 0.0.4)
  rghost
  rmagick (>= 2.0.0)
  rqrcode_png
  ruby-openid (~> 2.1.4)
  sentry-raven
  shoulda (~> 2.11)
  simplecov
  sprockets
  sqlite3
  sys-proctable
  test-unit
  thin
  timecop
  will_paginate
  xml-object
  yard

BUNDLED WITH
   1.11.2
